PATH
  remote: .
  specs:
    tesseract-ocr-3.04 (0.1.8)
      call-me
      ffi-extra
      ffi-inline
      iso-639

GEM
  remote: http://rubygems.org/
  specs:
    call-me (0.0.2.3)
      refining
    coderay (1.1.2)
    diff-lcs (1.3)
    ffi (1.9.25)
    ffi-extra (0.1.0)
      ffi
    ffi-inline (0.0.4.3)
      ffi (>= 0.4.0)
    iso-639 (0.2.8)
    method_source (0.9.1)
    pry (0.12.0)
      coderay (~> 1.1.0)
      method_source (~> 0.9.0)
    rake (12.3.1)
    refining (0.0.5.5)
    rspec (3.8.0)
      rspec-core (~> 3.8.0)
      rspec-expectations (~> 3.8.0)
      rspec-mocks (~> 3.8.0)
    rspec-core (3.8.0)
      rspec-support (~> 3.8.0)
    rspec-expectations (3.8.2)
      diff-lcs (>= 1.2.0, < 2.0)
      rspec-support (~> 3.8.0)
    rspec-mocks (3.8.0)
      diff-lcs (>= 1.2.0, < 2.0)
      rspec-support (~> 3.8.0)
    rspec-support (3.8.0)

PLATFORMS
  ruby

DEPENDENCIES
  pry
  rake
  rspec
  tesseract-ocr-3.04!

BUNDLED WITH
   1.16.1
